GEM
  remote: https://rubygems.org/
  specs:
    colorize (0.8.1)
    equatable (0.5.0)
    net-ldap (0.16.1)
    pastel (0.7.2)
      equatable (~> 0.5.0)
      tty-color (~> 0.4.0)
    pp (0.1.1)
    terminal-table (1.8.0)
      unicode-display_width (~> 1.1, >= 1.1.1)
    trollop (2.1.2)
    tty-color (0.4.2)
    tty-command (0.7.0)
      pastel (~> 0.7.0)
    unicode-display_width (1.3.0)

PLATFORMS
  ruby

DEPENDENCIES
  colorize
  net-ldap
  pp
  terminal-table
  trollop
  tty-command

BUNDLED WITH
   1.16.1
