GEM
  remote: https://rubygems.org/
  specs:
    colorize (0.8.1)
    equatable (0.5.0)
    net-ldap (0.16.0)
    pastel (0.7.1)
      equatable (~> 0.5.0)
      tty-color (~> 0.4.0)
    trollop (2.1.2)
    tty-color (0.4.2)
    tty-command (0.6.0)
      pastel (~> 0.7.0)

PLATFORMS
  ruby

DEPENDENCIES
  colorize
  net-ldap
  trollop
  tty-command

BUNDLED WITH
   1.13.1
