GEM
  remote: https://rubygems.org/
  specs:
    axlsx (2.0.1)
      htmlentities (~> 4.3.1)
      nokogiri (>= 1.4.1)
      rubyzip (~> 1.0.0)
    colorize (1.1.0)
    htmlentities (4.3.4)
    mini_portile2 (2.8.5)
    net-ldap (0.19.0)
    nokogiri (1.16.0)
      mini_portile2 (~> 2.8.2)
      racc (~> 1.4)
    nokogiri (1.16.0-arm64-darwin)
      racc (~> 1.4)
    optimist (3.1.0)
    pastel (0.8.0)
      tty-color (~> 0.5)
    racc (1.7.3)
    rubyzip (1.0.0)
    tty-color (0.6.0)
    tty-command (0.10.1)
      pastel (~> 0.8)
    tty-which (0.5.0)

PLATFORMS
  arm64-darwin-22
  ruby

DEPENDENCIES
  axlsx
  colorize
  net-ldap
  optimist
  tty-command
  tty-which

BUNDLED WITH
   2.4.21
